GEM
  remote: https://rubygems.org/
  specs:
    active-fedora (6.7.3)
      activesupport (>= 3.0.0)
      deprecation
      mediashelf-loggable
      nom-xml (>= 0.5.1)
      om (~> 3.0.0)
      rdf
      rdf-rdfxml (= 1.0.1)
      rsolr
      rubydora (~> 1.6, >= 1.6.5)
    activemodel (3.2.22)
      activesupport (= 3.2.22)
      builder (~> 3.0.0)
    activesupport (3.2.22)
      i18n (~> 0.6, >= 0.6.4)
      multi_json (~> 1.0)
    bagit (0.3.2)
      docopt (~> 0.5.0)
      validatable (~> 1.6)
    builder (3.0.4)
    confstruct (0.2.7)
    daemons (1.2.3)
    deprecation (0.2.2)
      activesupport
    docopt (0.5.0)
    domain_name (0.5.25)
      unf (>= 0.0.5, < 1.0.0)
    dor-rights-auth (1.0.2)
      nokogiri
    dor-services (5.3.0)
      active-fedora (~> 6.0)
      activesupport (>= 3.2.18)
      confstruct (~> 0.2.7)
      dor-rights-auth (~> 1.0, >= 1.0.2)
      dor-workflow-service (~> 1.8, >= 1.8.0)
      druid-tools (~> 0.4, >= 0.4.1)
      equivalent-xml (~> 0.5, >= 0.5.1)
      json (~> 1.8.1)
      lyber-utils (~> 0.1.2)
      moab-versioning (~> 1.4.4)
      modsulator (~> 0.0.7)
      net-sftp (~> 2.1.2)
      net-ssh (~> 2.6.5)
      nokogiri (~> 1.6.0)
      nokogiri-pretty (~> 0.1.0)
      om (~> 3.0)
      osullivan (~> 0.0.3)
      progressbar (~> 0.21.0)
      rdf (~> 1.1.7)
      rest-client (~> 1.7)
      retries
      rsolr-ext (~> 1.0.3)
      ruby-cache (~> 0.3.0)
      ruby-graphviz
      rubydora (~> 1.6.5)
      solrizer (~> 3.0)
      stanford-mods (~> 1.1)
      systemu (~> 2.6.0)
      uuidtools (~> 2.1.4)
    dor-workflow-service (1.8.0)
      activesupport (>= 3.2.1, < 5)
      confstruct (>= 0.2.7, < 2)
      faraday (~> 0.9.2)
      net-http-persistent (~> 2.9.4)
      nokogiri (~> 1.6.0)
      rest-client (~> 1.7)
      retries
    druid-tools (0.4.1)
    equivalent-xml (0.6.0)
      nokogiri (>= 1.4.3)
    faraday (0.9.2)
      multipart-post (>= 1.2, < 3)
    fastercsv (1.5.5)
    hooks (0.3.6)
      uber (~> 0.0.4)
    http-cookie (1.0.2)
      domain_name (~> 0.5)
    i18n (0.7.0)
    iso-639 (0.2.5)
    json (1.8.3)
    link_header (0.0.8)
    lyber-utils (0.1.2)
      bagit (>= 0.1.0)
      nokogiri (>= 1.4.3.1)
      systemu (>= 1.2.0)
      validatable
    mediashelf-loggable (0.4.10)
    mime-types (2.99)
    mini_portile2 (2.0.0)
    minitest (5.8.3)
    moab-versioning (1.4.4)
      confstruct
      json
      nokogiri
      nokogiri-happymapper
      systemu
    mods (2.0.3)
      iso-639
      nokogiri
      nom-xml (~> 0.5.2)
    modsulator (0.0.7)
      activesupport (>= 3.0)
      equivalent-xml (>= 0.6.0)
      nokogiri
      roo (>= 1.1)
    multi_json (1.11.2)
    multipart-post (2.0.0)
    net-http-persistent (2.9.4)
    net-sftp (2.1.2)
      net-ssh (>= 2.6.5)
    net-ssh (2.6.8)
    netrc (0.11.0)
    nokogiri (1.6.7.1)
      mini_portile2 (~> 2.0.0.rc2)
    nokogiri-happymapper (0.5.9)
      nokogiri (~> 1.5)
    nokogiri-pretty (0.1.0)
      nokogiri
    nom-xml (0.5.4)
      activesupport (>= 3.2.18)
      i18n
      nokogiri
    om (3.0.7)
      activemodel
      activesupport
      deprecation
      mediashelf-loggable
      nokogiri (>= 1.4.2)
      solrizer (~> 3.1.0)
    osullivan (0.0.3)
      activesupport (>= 3.2.18)
      faraday (~> 0.9.0)
      json
    progressbar (0.21.0)
    rdf (1.1.17.1)
      link_header (~> 0.0, >= 0.0.8)
    rdf-rdfxml (1.0.1)
      rdf (>= 1.0)
      rdf-xsd (>= 1.0)
    rdf-xsd (1.1.5.1)
      rdf (~> 1.1, >= 1.1.9, < 1.99)
    rest-client (1.8.0)
      http-cookie (>= 1.0.2, < 2.0)
      mime-types (>= 1.16, < 3.0)
      netrc (~> 0.7)
    retries (0.0.5)
    roo (2.3.1)
      nokogiri (~> 1)
      rubyzip (~> 1.1, < 2.0.0)
    rsolr (1.0.12)
      builder (>= 2.1.2)
    rsolr-ext (1.0.3)
      rsolr (>= 1.0.2)
    ruby-cache (0.3.0)
    ruby-graphviz (1.2.2)
    rubydora (1.6.5)
      activemodel
      activesupport
      deprecation
      equivalent-xml
      fastercsv
      hooks (~> 0.3.0)
      mime-types
      nokogiri
      rest-client
    rubyzip (1.1.7)
    sitemap_generator (5.0.5)
      builder
    solrizer (3.1.1)
      activesupport
      daemons
      mediashelf-loggable (~> 0.4.7)
      nokogiri
      stomp
      xml-simple
    stanford-mods (1.3.4)
      activesupport
      mods (~> 2.0.2)
    stomp (1.3.4)
    systemu (2.6.5)
    thread_safe (0.3.5)
    tzinfo (1.2.2)
      thread_safe (~> 0.1)
    uber (0.0.15)
    unf (0.1.4)
      unf_ext
    unf_ext (0.0.7.1)
    uuidtools (2.1.5)
    validatable (1.6.7)
    xml-simple (1.1.5)

PLATFORMS
  ruby

DEPENDENCIES
  dor-services (~> 5.3)
  rsolr (~> 1.0.0)
  sitemap_generator (~> 5.0.0)
