GEM
  remote: https://rubygems.org/
  specs:
    active-fedora (5.7.1)
      activeresource (>= 3.0.0)
      activesupport (>= 3.0.0)
      builder (~> 3.0.0)
      deprecation
      mediashelf-loggable
      nom-xml (>= 0.5.1)
      om (~> 1.8.0)
      rdf
      rdf-rdfxml (~> 0.3.8)
      rsolr
      rubydora (~> 1.6)
      solrizer (~> 2.1)
    activemodel (3.2.22)
      activesupport (= 3.2.22)
      builder (~> 3.0.0)
    activeresource (3.2.22)
      activemodel (= 3.2.22)
      activesupport (= 3.2.22)
    activesupport (3.2.22)
      i18n (~> 0.6, >= 0.6.4)
      multi_json (~> 1.0)
    addressable (2.3.5)
    bagit (0.3.2)
      docopt (~> 0.5.0)
      validatable (~> 1.6)
    builder (3.0.4)
    confstruct (0.2.7)
    daemons (1.2.3)
    deprecation (0.2.2)
      activesupport
    docopt (0.5.0)
    domain_name (0.5.24)
      unf (>= 0.0.5, < 1.0.0)
    dor-services (4.21.4)
      active-fedora (~> 5.7.1)
      activesupport (~> 3.2, >= 3.2.18)
      addressable (= 2.3.5)
      confstruct (~> 0.2.7)
      dor-workflow-service (~> 1.7, >= 1.7.1)
      druid-tools (~> 0.4, >= 0.4.1)
      equivalent-xml (~> 0.5, >= 0.5.1)
      json (~> 1.8.1)
      lyber-utils (~> 0.1.2)
      moab-versioning (~> 1.4.4)
      net-sftp (~> 2.1.2)
      net-ssh (~> 2.6.5)
      nokogiri (~> 1.6.0)
      om (~> 1.8.0)
      osullivan (~> 0.0.3)
      progressbar (~> 0.21.0)
      rdf (~> 1.0.9.0)
      rest-client (~> 1.7)
      retries
      rsolr-ext (~> 1.0.3)
      ruby-cache (~> 0.3.0)
      ruby-graphviz (~> 1.0.9)
      rubydora (~> 1.6.5)
      solrizer (~> 2.0)
      stanford-mods (~> 0.0.14)
      systemu (~> 2.6.0)
      uuidtools (~> 2.1.4)
      validatable (~> 1.6.7)
    dor-workflow-service (1.7.6)
      activesupport (>= 3.2.1, < 5)
      confstruct (>= 0.2.7, < 2)
      nokogiri (~> 1.6.0)
      rest-client (~> 1.7)
    druid-tools (0.4.1)
    equivalent-xml (0.6.0)
      nokogiri (>= 1.4.3)
    faraday (0.9.1)
      multipart-post (>= 1.2, < 3)
    fastercsv (1.5.5)
    hooks (0.3.6)
      uber (~> 0.0.4)
    http-cookie (1.0.2)
      domain_name (~> 0.5)
    i18n (0.7.0)
    iso-639 (0.2.5)
    json (1.8.3)
    lyber-utils (0.1.2)
      bagit (>= 0.1.0)
      nokogiri (>= 1.4.3.1)
      systemu (>= 1.2.0)
      validatable
    mediashelf-loggable (0.4.10)
    mime-types (2.6.1)
    mini_portile (0.6.2)
    moab-versioning (1.4.4)
      confstruct
      json
      nokogiri
      nokogiri-happymapper
      systemu
    mods (2.0.3)
      iso-639
      nokogiri
      nom-xml (~> 0.5.2)
    multi_json (1.11.2)
    multipart-post (2.0.0)
    net-sftp (2.1.2)
      net-ssh (>= 2.6.5)
    net-ssh (2.6.8)
    netrc (0.10.3)
    nokogiri (1.6.6.2)
      mini_portile (~> 0.6.0)
    nokogiri-happymapper (0.5.9)
      nokogiri (~> 1.5)
    nom-xml (0.5.3)
      activesupport (>= 3.2.18)
      i18n
      nokogiri
    om (1.8.0)
      activemodel
      activesupport
      deprecation
      mediashelf-loggable
      nokogiri (>= 1.4.2)
    osullivan (0.0.3)
      activesupport (>= 3.2.18)
      faraday (~> 0.9.0)
      json
    progressbar (0.21.0)
    rdf (1.0.9)
      addressable (>= 2.3)
    rdf-rdfxml (0.3.9)
      rdf (>= 0.3.11)
      rdf-xsd (>= 0.3.8)
    rdf-xsd (1.0.2.1)
      nokogiri (>= 1.5.0)
      rdf (>= 0.3.4)
    rest-client (1.8.0)
      http-cookie (>= 1.0.2, < 2.0)
      mime-types (>= 1.16, < 3.0)
      netrc (~> 0.7)
    retries (0.0.5)
    rsolr (1.0.12)
      builder (>= 2.1.2)
    rsolr-ext (1.0.3)
      rsolr (>= 1.0.2)
    ruby-cache (0.3.0)
    ruby-graphviz (1.0.9)
    rubydora (1.6.5)
      activemodel
      activesupport
      deprecation
      equivalent-xml
      fastercsv
      hooks (~> 0.3.0)
      mime-types
      nokogiri
      rest-client
    sitemap_generator (5.0.5)
      builder
    solrizer (2.2.0)
      activesupport
      daemons
      mediashelf-loggable (~> 0.4.7)
      nokogiri
      om (>= 1.5.0)
      stomp
      xml-simple
    stanford-mods (0.0.27)
      mods
    stomp (1.3.4)
    systemu (2.6.5)
    uber (0.0.14)
    unf (0.1.4)
      unf_ext
    unf_ext (0.0.7.1)
    uuidtools (2.1.5)
    validatable (1.6.7)
    xml-simple (1.1.5)

PLATFORMS
  ruby

DEPENDENCIES
  dor-services (~> 4.21.4)
  rsolr (~> 1.0.0)
  sitemap_generator (~> 5.0.0)

BUNDLED WITH
   1.10.6
